GEM
  remote: https://rubygems.org/
  specs:
    mail (2.6.3)
      mime-types (>= 1.16, < 3)
    mime-types (2.4.3)
    puma (2.11.1)
      rack (>= 1.1, < 2.0)
    rack (1.6.0)
    rack-cache (1.2)
      rack (>= 0.4)
    rmagick (2.14.0)
    trenni (1.4.1)
    utopia (1.0.4)
      mail (~> 2.6.1)
      mime-types (~> 2.0)
      rack (~> 1.5)
      rack-cache (~> 1.2.0)
      trenni (~> 1.4.1)
    utopia-tags-gallery (1.0.0)
      rmagick
      utopia (~> 1.0.0)
    utopia-tags-google-analytics (1.0.0)
      utopia (~> 1.0.0)

PLATFORMS
  ruby

DEPENDENCIES
  mail
  puma
  rack-cache
  utopia (= 1.0.4)
  utopia-tags-gallery
  utopia-tags-google-analytics
