GEM
  remote: https://rubygems.org/
  specs:
    daemons (1.1.9)
    eventmachine (1.0.3)
    i18n (0.6.4)
    mail (2.5.3)
      i18n (>= 0.4.0)
      mime-types (~> 1.16)
      treetop (~> 1.4.8)
    mime-types (1.21)
    polyglot (0.3.3)
    rack (1.4.5)
    rack-cache (1.2)
      rack (>= 0.4)
    rmagick (2.13.2)
    thin (1.5.0)
      daemons (>= 1.0.9)
      eventmachine (>= 0.12.6)
      rack (>= 1.0.0)
    treetop (1.4.12)
      polyglot
      polyglot (>= 0.3.1)
    trenni (1.2.0)
    utopia (0.12.0)
      mail
      mime-types
      rack (~> 1.4.1)
      rack-cache
      trenni (~> 1.2.0)
    utopia-extras (0.12.0)
      rmagick
      utopia (~> 0.12)

PLATFORMS
  ruby

DEPENDENCIES
  mail
  rack
  thin
  utopia (~> 0.12)
  utopia-extras (= 0.12)
