GEM
  remote: https://rubygems.org/
  specs:
    coderay (1.1.2)
    concurrent-ruby (1.1.5)
    console (1.3.2)
    diff-lcs (1.3)
    docile (1.3.1)
    ffi (1.11.1)
    formatador (0.2.5)
    guard (2.15.0)
      formatador (>= 0.2.4)
      listen (>= 2.7, < 4.0)
      lumberjack (>= 1.0.12, < 2.0)
      nenv (~> 0.1)
      notiffany (~> 0.0)
      pry (>= 0.9.12)
      shellany (~> 0.0)
      thor (>= 0.18.1)
    guard-compat (1.2.1)
    guard-puma (0.5.2)
      guard (~> 2.14)
      guard-compat (~> 1.2)
      puma (~> 3.6)
    guard-rspec (4.7.3)
      guard (~> 2.1)
      guard-compat (~> 1.1)
      rspec (>= 2.99.0, < 4.0)
    http-accept (1.7.0)
    json (2.2.0)
    listen (3.1.5)
      rb-fsevent (~> 0.9, >= 0.9.4)
      rb-inotify (~> 0.9, >= 0.9.7)
      ruby_dep (~> 1.2)
    lumberjack (1.0.13)
    mail (2.7.1)
      mini_mime (>= 0.1.1)
    mapping (1.1.1)
    method_source (0.9.2)
    mime-types (3.2.2)
      mime-types-data (~> 3.2015)
    mime-types-data (3.2019.0331)
    mini_mime (1.0.1)
    msgpack (1.2.10)
    nenv (0.3.0)
    notiffany (0.1.1)
      nenv (~> 0.1)
      shellany (~> 0.0)
    passenger (6.0.2)
      rack
      rake (>= 0.8.1)
    pry (0.12.2)
      coderay (~> 1.1.0)
      method_source (~> 0.9.0)
    puma (3.12.1)
    rack (2.0.7)
    rack-freeze (1.2.0)
      rack (~> 2.0)
    rack-test (1.1.0)
      rack (>= 1.0, < 3)
    rake (12.3.2)
    rake-compiler (1.0.7)
      rake
    rb-fsevent (0.10.3)
    rb-inotify (0.10.0)
      ffi (~> 1.0)
    rspec (3.8.0)
      rspec-core (~> 3.8.0)
      rspec-expectations (~> 3.8.0)
      rspec-mocks (~> 3.8.0)
    rspec-core (3.8.0)
      rspec-support (~> 3.8.0)
    rspec-expectations (3.8.4)
      diff-lcs (>= 1.2.0, < 2.0)
      rspec-support (~> 3.8.0)
    rspec-mocks (3.8.0)
      diff-lcs (>= 1.2.0, < 2.0)
      rspec-support (~> 3.8.0)
    rspec-support (3.8.2)
    ruby_dep (1.5.0)
    samovar (2.1.1)
      console (~> 1.0)
      mapping (~> 1.0)
    shellany (0.0.1)
    simplecov (0.16.1)
      docile (~> 1.1)
      json (>= 1.8, < 3)
      simplecov-html (~> 0.10.0)
    simplecov-html (0.10.2)
    thor (0.20.3)
    trenni (3.6.1)
      rake-compiler
    utopia (2.9.2)
      concurrent-ruby (~> 1.0)
      console (~> 1.0)
      http-accept (~> 1.6)
      mail (~> 2.6)
      mime-types (~> 3.0)
      msgpack
      rack (~> 2.0)
      samovar (~> 2.1)
      trenni (~> 3.0)
    utopia-analytics (2.0.0)
      utopia (~> 2.0)

PLATFORMS
  ruby

DEPENDENCIES
  bundler
  guard-puma
  guard-rspec
  passenger
  pry
  puma
  rack-freeze (~> 1.2)
  rack-test
  rake
  rspec
  simplecov
  utopia (~> 2.9.2)
  utopia-analytics

BUNDLED WITH
   1.17.2
