GEM
  remote: https://rubygems.org/
  specs:
    concurrent-ruby (1.0.5)
    glib2 (3.1.1)
      pkg-config
    gobject-introspection (3.1.1)
      glib2 (= 3.1.1)
    http-accept (1.7.0)
    mail (2.6.4)
      mime-types (>= 1.16, < 4)
    mapping (1.1.1)
    mime-types (3.1)
      mime-types-data (~> 3.2015)
    mime-types-data (3.2016.0521)
    pkg-config (1.1.7)
    puma (3.8.2)
    rack (2.0.1)
    rainbow (2.2.1)
    rake (12.0.0)
    rake-compiler (1.0.3)
      rake
    ruby-vips (1.0.4)
      gobject-introspection (~> 3.1)
    samovar (1.3.2)
      mapping (~> 1.0)
      rainbow (~> 2.0)
    trenni (3.0.4)
      rake-compiler
    utopia (2.0.2)
      concurrent-ruby (~> 1.0)
      http-accept (~> 1.6)
      mail (~> 2.6)
      mime-types (~> 3.0)
      rack (~> 2.0)
      rainbow (~> 2.1)
      samovar (~> 1.2)
      trenni (~> 3.0)
    utopia-gallery (2.0.3)
      utopia (~> 2.0)
      vips-thumbnail
    vips-thumbnail (1.0.2)
      ruby-vips (~> 1.0)

PLATFORMS
  ruby

DEPENDENCIES
  puma
  utopia (~> 2.0)
  utopia-gallery

BUNDLED WITH
   1.14.6
